GEM
  remote: https://rubygems.org/
  remote: http://gems.github.com/
  specs:
    chingu (0.9rc9)
      gosu (>= 0.7.45)
      gosu (>= 0.7.45)
    coderay (1.1.0)
    columnize (0.8.9)
    debugger (1.6.6)
      columnize (>= 0.3.1)
      debugger-linecache (~> 1.2.0)
      debugger-ruby_core_source (~> 1.3.2)
    debugger-linecache (1.2.0)
    debugger-ruby_core_source (1.3.2)
    gosu (0.7.50)
    method_source (0.8.2)
    mini_portile (0.5.3)
    multi_json (1.9.3)
    nokogiri (1.6.1)
      mini_portile (~> 0.5.0)
    pry (0.9.12.6)
      coderay (~> 1.0)
      method_source (~> 0.8)
      slop (~> 3.4)
    pry-debugger (0.2.2)
      debugger (~> 1.3)
      pry (~> 0.9.10)
    slop (3.5.0)
    tmx (0.1.4)
      multi_json (~> 1.0)
      nokogiri (~> 1.5)

PLATFORMS
  ruby

DEPENDENCIES
  chingu (~> 0.9rc9)
  gosu
  pry
  pry-debugger
  tmx
